GEM
  remote: http://rubygems.org/
  specs:
    ffi (1.0.11)
    git (1.2.5)
    jeweler (1.6.4)
      bundler (~> 1.0)
      git (>= 1.2.5)
      rake
    rake (0.9.2.2)
    rspec (2.10.0)

PLATFORMS
  ruby

DEPENDENCIES
  ffi
  jeweler
  rspec (= 2.10.0)
